GEM
  remote: https://rubygems.org/
  specs:
    minitest (5.10.3)
    ruby-graphviz (1.2.3)

PLATFORMS
  ruby

DEPENDENCIES
  minitest (~> 5.0)
  ruby-graphviz

BUNDLED WITH
   1.16.0
